PATH
  remote: .
  specs:
    YAPP (0.0.1)
      activesupport (~> 3.2.13)
      nokogiri

GEM
  remote: https://rubygems.org/
  specs:
    activesupport (3.2.13)
      i18n (= 0.6.1)
      multi_json (~> 1.0)
    builder (3.2.2)
    cucumber (1.3.2)
      builder (>= 2.1.2)
      diff-lcs (>= 1.1.3)
      gherkin (~> 2.12.0)
      multi_json (~> 1.3)
    diff-lcs (1.2.4)
    gherkin (2.12.0)
      multi_json (~> 1.3)
    i18n (0.6.1)
    mini_portile (0.5.0)
    multi_json (1.7.7)
    nokogiri (1.6.0)
      mini_portile (~> 0.5.0)
    rspec (2.14.1)
      rspec-core (~> 2.14.0)
      rspec-expectations (~> 2.14.0)
      rspec-mocks (~> 2.14.0)
    rspec-core (2.14.3)
    rspec-expectations (2.14.0)
      diff-lcs (>= 1.1.3, < 2.0)
    rspec-mocks (2.14.1)
    simplecov (0.7.1)
      multi_json (~> 1.0)
      simplecov-html (~> 0.7.1)
    simplecov-html (0.7.1)

PLATFORMS
  ruby

DEPENDENCIES
  YAPP!
  bundler (~> 1.3)
  cucumber
  rspec
  simplecov
